GEM
  remote: http://rubygems.org/
  specs:
    RedCloth (4.2.2)
    actionmailer (2.3.8)
      actionpack (= 2.3.8)
    actionpack (2.3.8)
      activesupport (= 2.3.8)
      rack (~> 1.1.0)
    activerecord (2.3.8)
      activesupport (= 2.3.8)
    activeresource (2.3.8)
      activesupport (= 2.3.8)
    activesupport (2.3.8)
    builder (2.1.2)
    cucumber (0.9.3)
      builder (~> 2.1.2)
      diff-lcs (~> 1.1.2)
      gherkin (~> 2.2.9)
      json (~> 1.4.6)
      term-ansicolor (~> 1.0.5)
    daemons (1.1.0)
    diff-lcs (1.1.2)
    factory_girl (1.3.2)
    formtastic (1.1.0)
      actionpack (>= 2.3.0)
      activesupport (>= 2.3.0)
      i18n (>= 0.4.0)
    gherkin (2.2.9)
      json (~> 1.4.6)
      term-ansicolor (~> 1.0.5)
    i18n (0.4.2)
    json (1.4.6)
    mime-types (1.16)
    mocha (0.9.9)
      rake
    oauth (0.3.2)
      ruby-hmac (>= 0.3.1)
    pg (0.9.0)
    rack (1.1.0)
    rails (2.3.8)
      actionmailer (= 2.3.8)
      actionpack (= 2.3.8)
      activerecord (= 2.3.8)
      activeresource (= 2.3.8)
      activesupport (= 2.3.8)
      rake (>= 0.8.3)
    rake (0.8.7)
    ruby-hmac (0.4.0)
    shoulda (2.11.3)
    term-ansicolor (1.0.5)
    timecop (0.3.5)
    twitter_oauth (0.2.1)
      json (>= 1.1.2)
      mime-types (>= 1.15)
      oauth (>= 0.3.1)
    will_paginate (2.3.15)
    yajl-ruby (0.7.8)

PLATFORMS
  ruby

DEPENDENCIES
  RedCloth (= 4.2.2)
  cucumber
  daemons
  factory_girl
  formtastic
  mocha
  oauth (= 0.3.2)
  pg
  rails (= 2.3.8)
  shoulda
  timecop
  twitter_oauth
  will_paginate
  yajl-ruby
